GIT
  remote: git://github.com/ruby-amqp/bunny.git
  revision: 0a5792af41101103f5b7032e32fc84e2197f9055
  branch: master
  specs:
    bunny (0.9.0.pre9)
      amq-protocol (>= 1.2.0)

GEM
  remote: https://rubygems.org/
  remote: http://rubygems.org/
  specs:
    Ascii85 (1.0.2)
    ZenTest (4.5.0)
    actionmailer (2.3.18)
      actionpack (= 2.3.18)
    actionpack (2.3.18)
      activesupport (= 2.3.18)
      rack (~> 1.1.0)
    activerecord (2.3.18)
      activesupport (= 2.3.18)
    activeresource (2.3.18)
      activesupport (= 2.3.18)
    activesupport (2.3.18)
    afm (0.2.0)
    amq-protocol (1.2.0)
    autotest-rails (4.1.2)
      ZenTest (~> 4.5)
    builder (3.1.4)
    capybara (1.1.4)
      mime-types (>= 1.16)
      nokogiri (>= 1.3.3)
      rack (>= 1.0.0)
      rack-test (>= 0.5.4)
      selenium-webdriver (~> 2.0)
      xpath (~> 0.1.4)
    childprocess (0.3.8)
      ffi (~> 1.0, >= 1.0.11)
    chronic (0.9.1)
    coderay (1.0.8)
    cucumber (1.1.0)
      builder (>= 2.1.2)
      diff-lcs (>= 1.1.2)
      gherkin (~> 2.5.0)
      json (>= 1.4.6)
      term-ansicolor (>= 1.0.6)
    cucumber-rails2 (0.3.5)
      capybara (~> 1.1.0)
      cucumber (~> 1.1.0)
    culerity (0.2.15)
    daemons (1.1.9)
    database_cleaner (0.9.1)
    diff-lcs (1.2.1)
    eventmachine (1.0.0)
    fastercsv (1.5.5)
    faye-websocket (0.6.1)
      eventmachine (>= 0.12.0)
      websocket-driver (>= 0.2.0)
    ffi (1.4.0)
    gherkin (2.5.4)
      json (>= 1.4.6)
    hashery (2.1.0)
    hoe (3.6.1)
      rake (>= 0.8, < 11.0)
    holidays (1.0.3)
    http_parser.rb (0.5.3)
    i18n (0.4.2)
    icalendar (1.2.2)
    inifile (2.0.2)
    json (1.7.7)
    mime-types (1.21)
    multi_json (1.6.1)
    mysql (2.9.1)
    mysql2 (0.2.18)
    net-ldap (0.3.1)
    nokogiri (1.5.6)
    open-uri-cached (0.0.5)
    pdf-reader (1.3.1)
      Ascii85 (~> 1.0.0)
      afm (~> 0.2.0)
      hashery (~> 2.0)
      ruby-rc4
      ttfunk
    pg (0.14.1)
    poltergeist (0.6.0)
      capybara (~> 1.0)
      childprocess (~> 0.3)
      faye-websocket (~> 0.4, >= 0.4.4)
      http_parser.rb (~> 0.5.3)
      multi_json (~> 1.0)
    prawn (0.12.0)
      pdf-reader (>= 0.9.0)
      ttfunk (~> 1.0.2)
    rack (1.1.6)
    rack-test (0.6.2)
      rack (>= 1.0)
    rails (2.3.18)
      actionmailer (= 2.3.18)
      actionpack (= 2.3.18)
      activerecord (= 2.3.18)
      activeresource (= 2.3.18)
      activesupport (= 2.3.18)
      rake (>= 0.8.3)
    rake (0.9.6)
    rdoc (3.12.1)
      json (~> 1.4)
    rmagick (2.13.2)
    rspec (1.3.1)
    rspec-rails (1.3.3)
      rack (>= 1.0.0)
      rspec (= 1.3.1)
    ruby-openid (2.1.8)
    ruby-prof (0.13.0)
    ruby-rc4 (0.1.5)
    rubyzip (0.9.9)
    selenium-webdriver (2.29.0)
      childprocess (>= 0.2.5)
      multi_json (~> 1.0)
      rubyzip
      websocket (~> 1.0.4)
    simplecov (0.7.1)
      multi_json (~> 1.0)
      simplecov-html (~> 0.7.1)
    simplecov-html (0.7.1)
    spork (0.9.2)
    sqlite3 (1.3.7)
    term-ansicolor (1.0.7)
    test-unit (1.2.3)
      hoe (>= 1.5.1)
    thin (1.5.0)
      daemons (>= 1.0.9)
      eventmachine (>= 0.12.6)
      rack (>= 1.0.0)
    timecop (0.3.5)
    ttfunk (1.0.3)
    tzinfo (0.3.35)
    websocket (1.0.7)
    websocket-driver (0.2.0)
    xpath (0.1.4)
      nokogiri (~> 1.3)

PLATFORMS
  ruby

DEPENDENCIES
  ZenTest (= 4.5.0)
  activerecord-jdbcmysql-adapter
  activerecord-jdbcpostgresql-adapter
  activerecord-jdbcsqlite3-adapter
  autotest-rails
  bunny!
  capybara (~> 1.1.0)
  chronic
  coderay (~> 1.0.6)
  cucumber (= 1.1.0)
  cucumber-rails2 (~> 0.3.5)
  culerity (= 0.2.15)
  database_cleaner
  fastercsv (~> 1.5.0)
  gherkin (~> 2.5.0)
  holidays (= 1.0.3)
  i18n (~> 0.4.2)
  icalendar
  inifile
  jruby-openssl
  json
  mysql
  mysql2 (~> 0.2.7)
  net-ldap (~> 0.3.1)
  nokogiri
  open-uri-cached
  pg (>= 0.11.0)
  poltergeist (~> 0.6.0)
  prawn
  rails (= 2.3.18)
  rake (~> 0.9)
  rdoc (>= 2.4.2)
  rmagick (>= 2.0.0)
  rspec (= 1.3.1)
  rspec-rails (= 1.3.3)
  ruby-openid (~> 2.1.4)
  ruby-prof
  simplecov (~> 0.6)
  spork
  sqlite3
  test-unit (= 1.2.3)
  thin
  timecop (~> 0.3.5)
  tzinfo (~> 0.3.31)
