GIT
  remote: git://github.com/ruby-amqp/bunny.git
  revision: 08fe2c6cf78774fb321b41c77b9da8e3a250185a
  branch: master
  specs:
    bunny (1.7.0.pre1)
      amq-protocol (>= 1.9.2)

GEM
  remote: https://rubygems.org/
  remote: http://rubygems.org/
  specs:
    ZenTest (4.5.0)
    actionmailer (2.3.18)
      actionpack (= 2.3.18)
    actionpack (2.3.18)
      activesupport (= 2.3.18)
      rack (~> 1.1.0)
    activerecord (2.3.18)
      activesupport (= 2.3.18)
    activeresource (2.3.18)
      activesupport (= 2.3.18)
    activesupport (2.3.18)
    amq-protocol (1.9.2)
    autotest-rails (4.2.1)
      ZenTest (~> 4.5)
    builder (3.2.2)
    capybara (1.1.4)
      mime-types (>= 1.16)
      nokogiri (>= 1.3.3)
      rack (>= 1.0.0)
      rack-test (>= 0.5.4)
      selenium-webdriver (~> 2.0)
      xpath (~> 0.1.4)
    childprocess (0.5.5)
      ffi (~> 1.0, >= 1.0.11)
    coderay (1.0.9)
    cucumber (1.1.0)
      builder (>= 2.1.2)
      diff-lcs (>= 1.1.2)
      gherkin (~> 2.5.0)
      json (>= 1.4.6)
      term-ansicolor (>= 1.0.6)
    cucumber-rails2 (0.3.4)
      capybara (~> 1.1.0)
      cucumber (~> 1.1.0)
    culerity (0.2.15)
    daemons (1.1.9)
    database_cleaner (1.4.0)
    diff-lcs (1.2.5)
    docile (1.1.5)
    eventmachine (1.0.4)
    fastercsv (1.5.5)
    faye-websocket (0.4.7)
      eventmachine (>= 0.12.0)
    ffi (1.9.6)
    gherkin (2.5.4)
      json (>= 1.4.6)
    hoe (3.13.0)
      rake (>= 0.8, < 11.0)
    holidays (1.0.3)
    http_parser.rb (0.5.3)
    i18n (0.4.2)
    icalendar (2.2.2)
    json (1.8.2)
    mime-types (2.4.3)
    mini_portile (0.6.2)
    multi_json (1.10.1)
    mysql (2.8.1)
    mysql2 (0.2.24)
    net-ldap (0.3.1)
    nokogiri (1.6.6.2)
      mini_portile (~> 0.6.0)
    open-uri-cached (0.0.5)
    pdf-core (0.4.0)
    pg (0.18.1)
    poltergeist (1.0.3)
      capybara (~> 1.1)
      childprocess (~> 0.3)
      faye-websocket (~> 0.4.4)
      http_parser.rb (~> 0.5.3)
      multi_json (~> 1.0)
    prawn (1.3.0)
      pdf-core (~> 0.4.0)
      ttfunk (~> 1.4.0)
    rack (1.1.6)
    rack-test (0.6.3)
      rack (>= 1.0)
    rails (2.3.18)
      actionmailer (= 2.3.18)
      actionpack (= 2.3.18)
      activerecord (= 2.3.18)
      activeresource (= 2.3.18)
      activesupport (= 2.3.18)
      rake (>= 0.8.3)
    rake (10.4.2)
    rdoc (4.2.0)
      json (~> 1.4)
    rmagick (2.13.4)
    rspec (1.3.1)
    rspec-rails (1.3.3)
      rack (>= 1.0.0)
      rspec (= 1.3.1)
    ruby-openid (2.1.8)
    rubyzip (1.1.6)
    selenium-webdriver (2.44.0)
      childprocess (~> 0.5)
      multi_json (~> 1.0)
      rubyzip (~> 1.0)
      websocket (~> 1.0)
    simplecov (0.9.1)
      docile (~> 1.1.0)
      multi_json (~> 1.0)
      simplecov-html (~> 0.8.0)
    simplecov-html (0.8.0)
    spork (0.9.2)
    sqlite3 (1.3.10)
    term-ansicolor (1.3.0)
      tins (~> 1.0)
    test-unit (1.2.3)
      hoe (>= 1.5.1)
    thin (1.6.3)
      daemons (~> 1.0, >= 1.0.9)
      eventmachine (~> 1.0)
      rack (~> 1.0)
    timecop (0.7.1)
    tins (1.3.3)
    ttfunk (1.4.0)
    tzinfo (0.3.42)
    websocket (1.2.1)
    xpath (0.1.4)
      nokogiri (~> 1.3)

PLATFORMS
  ruby

DEPENDENCIES
  ZenTest (= 4.5.0)
  activerecord-jdbcmysql-adapter
  activerecord-jdbcpostgresql-adapter
  activerecord-jdbcsqlite3-adapter
  autotest-rails
  bunny!
  capybara (~> 1.1.0)
  coderay (~> 1.0.6)
  cucumber (= 1.1.0)
  cucumber-rails2 (= 0.3.4)
  culerity (= 0.2.15)
  database_cleaner
  fastercsv (~> 1.5.0)
  gherkin (~> 2.5.0)
  holidays (= 1.0.3)
  i18n (~> 0.4.2)
  icalendar
  jruby-openssl
  json
  mysql (~> 2.8.1)
  mysql2 (~> 0.2.7)
  net-ldap (~> 0.3.1)
  nokogiri
  open-uri-cached
  pg (>= 0.11.0)
  poltergeist
  prawn
  rails (= 2.3.18)
  rdoc (>= 2.4.2)
  rmagick (>= 2.0.0)
  rspec (= 1.3.1)
  rspec-rails (= 1.3.3)
  ruby-openid (~> 2.1.4)
  simplecov (~> 0.6)
  spork
  sqlite3
  test-unit (= 1.2.3)
  thin
  timecop
  tzinfo (~> 0.3.31)
